GEM
  remote: https://rubygems.org/
  specs:
    byebug (11.1.3)
    coderay (1.1.2)
    haml (5.1.2)
      temple (>= 0.8.0)
      tilt
    method_source (1.0.0)
    nio4r (2.5.2)
    pry (0.13.1)
      coderay (~> 1.1)
      method_source (~> 1.0)
    pry-byebug (3.9.0)
      byebug (~> 11.0)
      pry (~> 0.13.0)
    puma (4.3.3)
      nio4r (~> 2.0)
    rack (2.2.2)
    temple (0.8.2)
    tilt (2.0.10)

PLATFORMS
  ruby

DEPENDENCIES
  haml
  pry-byebug
  puma
  rack

BUNDLED WITH
   2.1.4
